ObjectType = Image
NDims = 3
BinaryData = True
BinaryDataByteOrderMSB = False
CompressedData = False
TransformMatrix = 1 0 0 0 1 0 0 0 1
Offset = -193.64453 -376.64452999999997 -707.5
CenterOfRotation = 0 0 0
AnatomicalOrientation = RAI
ElementSpacing = 0.7109375 0.7109375 5
DimSize = 512 512 61
ElementType = MET_SHORT
ElementDataFile = lung.raw
